GEM
  remote: http://rubygems.org/
  specs:
    ast (2.4.1)
    minitest (5.14.1)
    mocha (1.11.2)
    parallel (1.19.2)
    parser (2.7.1.4)
      ast (~> 2.4.1)
    power_assert (1.2.0)
    rainbow (3.0.0)
    rake (13.0.1)
    rdoc (6.3.1)
    regexp_parser (1.7.1)
    rexml (3.2.4)
    rubocop (0.86.0)
      parallel (~> 1.10)
      parser (>= 2.7.0.1)
      rainbow (>= 2.2.2, < 4.0)
      regexp_parser (>= 1.7)
      rexml
      rubocop-ast (>= 0.0.3, < 1.0)
      ruby-progressbar (~> 1.7)
      unicode-display_width (>= 1.4.0, < 2.0)
    rubocop-ast (0.1.0)
      parser (>= 2.7.0.1)
    ruby-progressbar (1.10.1)
    test-unit (3.3.6)
      power_assert
    ttfunk (1.6.2.1)
    unicode-display_width (1.7.0)

PLATFORMS
  ruby

DEPENDENCIES
  minitest
  mocha
  rake
  rdoc
  rubocop
  test-unit
  ttfunk (~> 1.6, >= 1.6.2.1)

BUNDLED WITH
   2.1.4
